GEM
  specs:
    json (1.4.3)
    rack (1.2.1)
    rspec (1.3.0)
    sinatra (1.0)
      rack (>= 1.0)

PLATFORMS
  ruby

DEPENDENCIES
  json
  rack
  rspec
  sinatra
