GEM
  specs:
    rack (1.2.1)
    rspec (1.3.0)
    sinatra (1.0)
      rack (>= 1.0)

PLATFORMS
  ruby

DEPENDENCIES
  rack
  rspec
  sinatra
